STORAGE: NONE
RESTRICTION: == net9.0
NUGET
  remote: https://api.nuget.org/v3/index.json
    argu (6.2.5)
      FSharp.Core (>= 6.0)
      System.Configuration.ConfigurationManager (>= 4.4)
    FSharp.Core (9.0.201)
    System.Configuration.ConfigurationManager (9.0.2)
      System.Diagnostics.EventLog (>= 9.0.2)
      System.Security.Cryptography.ProtectedData (>= 9.0.2)
    System.Diagnostics.EventLog (9.0.2)
    System.Security.Cryptography.ProtectedData (9.0.2)
